GEM
  remote: https://rubygems.org/
  specs:
    equatable (0.5.0)
    hitimes (1.2.6)
    necromancer (0.4.0)
    pastel (0.7.1)
      equatable (~> 0.5.0)
      tty-color (~> 0.4.0)
    timers (4.1.2)
      hitimes
    tty-color (0.4.2)
    tty-cursor (0.5.0)
    tty-progressbar (0.13.0)
      tty-cursor (~> 0.5.0)
      tty-screen (~> 0.6.0)
    tty-prompt (0.13.2)
      necromancer (~> 0.4.0)
      pastel (~> 0.7.0)
      timers (~> 4.1.2)
      tty-cursor (~> 0.5.0)
      tty-reader (~> 0.1.0)
    tty-reader (0.1.0)
      wisper (~> 2.0.0)
    tty-screen (0.6.2)
    wisper (2.0.0)

PLATFORMS
  ruby

DEPENDENCIES
  pastel
  tty-progressbar
  tty-prompt
